GEM
  remote: https://rubygems.org/
  specs:
    coderay (1.1.3)
    filesize (0.2.0)
    method_source (1.0.0)
    mqtt (0.5.0)
    pry (0.13.1)
      coderay (~> 1.1)
      method_source (~> 1.0)
    ramdo (0.3.2)
      filesize

PLATFORMS
  ruby

DEPENDENCIES
  mqtt
  pry
  ramdo

BUNDLED WITH
   2.1.4
